PATH
  remote: .
  specs:
    addressable (2.2.8)

GEM
  remote: https://rubygems.org/
  specs:
    diff-lcs (1.1.3)
    idn (0.0.2)
    json_pure (1.7.0)
    launchy (2.1.0)
      addressable (~> 2.2.6)
    rake (0.9.2.2)
    redcarpet (2.1.1)
    rspec (2.10.0)
      rspec-core (~> 2.10.0)
      rspec-expectations (~> 2.10.0)
      rspec-mocks (~> 2.10.0)
    rspec-core (2.10.0)
    rspec-expectations (2.10.0)
      diff-lcs (~> 1.1.3)
    rspec-mocks (2.10.0)
    rubyforge (2.0.4)
      json_pure (>= 1.1.7)
    yard (0.8.1)

PLATFORMS
  ruby

DEPENDENCIES
  addressable!
  idn
  launchy
  rake (>= 0.7.3)
  redcarpet
  rspec (>= 2.9.0)
  rubyforge
  yard
